PATH
  remote: .
  specs:
    mongo_cluster (1.0.0)
      activesupport (~> 5.0)
      aws-sdk-cloudformation (~> 1.0)
      aws-sdk-ec2 (~> 1.0)
      aws-sdk-efs (~> 1.0)
      aws-sdk-firehose (~> 1.0)
      aws-sdk-glacier (~> 1.0)
      aws-sdk-kinesis (~> 1.0)
      aws-sdk-kms (~> 1.0)
      aws-sdk-s3 (~> 1.0)
      aws-sdk-sns (~> 1.0)
      daemons (~> 1.0)
      dogstatsd-ruby (~> 3.0)
      fluent-plugin-grok-parser (~> 2.1)
      fluent-plugin-kinesis (= 2.0.0)
      fluent-plugin-record-modifier (~> 1.0)
      fluentd (~> 1.0)
      mongo (~> 2.4)
      net-ssh (~> 4.0)
      oj (~> 3.3)
      parallel (~> 1.0)
      rufus-scheduler (~> 3.0)
      treehash (= 0.0.2)

GEM
  remote: https://rubygems.org/
  specs:
    activesupport (5.1.4)
      concurrent-ruby (~> 1.0, >= 1.0.2)
      i18n (~> 0.7)
      minitest (~> 5.1)
      tzinfo (~> 1.1)
    aws-partitions (1.52.0)
    aws-sdk-cloudformation (1.3.0)
      aws-sdk-core (~> 3)
      aws-sigv4 (~> 1.0)
    aws-sdk-core (3.13.0)
      aws-partitions (~> 1.0)
      aws-sigv4 (~> 1.0)
      jmespath (~> 1.0)
    aws-sdk-ec2 (1.24.0)
      aws-sdk-core (~> 3)
      aws-sigv4 (~> 1.0)
    aws-sdk-efs (1.0.0)
      aws-sdk-core (~> 3)
      aws-sigv4 (~> 1.0)
    aws-sdk-firehose (1.1.0)
      aws-sdk-core (~> 3)
      aws-sigv4 (~> 1.0)
    aws-sdk-glacier (1.5.0)
      aws-sdk-core (~> 3)
      aws-sigv4 (~> 1.0)
    aws-sdk-kinesis (1.1.0)
      aws-sdk-core (~> 3)
      aws-sigv4 (~> 1.0)
    aws-sdk-kms (1.3.0)
      aws-sdk-core (~> 3)
      aws-sigv4 (~> 1.0)
    aws-sdk-s3 (1.8.0)
      aws-sdk-core (~> 3)
      aws-sdk-kms (~> 1)
      aws-sigv4 (~> 1.0)
    aws-sdk-sns (1.1.0)
      aws-sdk-core (~> 3)
      aws-sigv4 (~> 1.0)
    aws-sigv4 (1.0.2)
    bson (4.2.2)
    concurrent-ruby (1.0.5)
    cool.io (1.5.3)
    daemons (1.2.6)
    diff-lcs (1.3)
    dig_rb (1.0.1)
    dogstatsd-ruby (3.2.0)
    et-orbi (1.0.8)
      tzinfo
    fluent-plugin-grok-parser (2.1.4)
      fluentd (>= 0.14.6)
    fluent-plugin-kinesis (2.0.0)
      aws-sdk-firehose (~> 1)
      aws-sdk-kinesis (~> 1)
      fluentd (>= 0.12.35, < 2)
      google-protobuf (~> 3)
    fluent-plugin-record-modifier (1.0.1)
      fluentd (>= 0.14.0, < 2)
    fluentd (1.0.2)
      cool.io (>= 1.4.5, < 2.0.0)
      dig_rb (~> 1.0.0)
      http_parser.rb (>= 0.5.1, < 0.7.0)
      msgpack (>= 0.7.0, < 2.0.0)
      serverengine (>= 2.0.4, < 3.0.0)
      sigdump (~> 0.2.2)
      strptime (~> 0.1)
      tzinfo (~> 1.0)
      tzinfo-data (~> 1.0)
      yajl-ruby (~> 1.0)
    google-protobuf (3.5.0)
    http_parser.rb (0.6.0)
    i18n (0.9.1)
      concurrent-ruby (~> 1.0)
    jmespath (1.3.1)
    minitest (5.10.3)
    mongo (2.4.3)
      bson (>= 4.2.1, < 5.0.0)
    msgpack (1.2.0)
    net-ssh (4.2.0)
    oj (3.3.9)
    parallel (1.12.1)
    rake (10.5.0)
    rspec (3.7.0)
      rspec-core (~> 3.7.0)
      rspec-expectations (~> 3.7.0)
      rspec-mocks (~> 3.7.0)
    rspec-core (3.7.0)
      rspec-support (~> 3.7.0)
    rspec-expectations (3.7.0)
      diff-lcs (>= 1.2.0, < 2.0)
      rspec-support (~> 3.7.0)
    rspec-mocks (3.7.0)
      diff-lcs (>= 1.2.0, < 2.0)
      rspec-support (~> 3.7.0)
    rspec-support (3.7.0)
    rufus-scheduler (3.4.2)
      et-orbi (~> 1.0)
    serverengine (2.0.5)
      sigdump (~> 0.2.2)
    sigdump (0.2.4)
    strptime (0.2.2)
    thread_safe (0.3.6)
    treehash (0.0.2)
    tzinfo (1.2.4)
      thread_safe (~> 0.1)
    tzinfo-data (1.2017.3)
      tzinfo (>= 1.0.0)
    yajl-ruby (1.3.1)

PLATFORMS
  ruby

DEPENDENCIES
  bundler (~> 1.0)
  mongo_cluster!
  rake (~> 10.0)
  rspec (~> 3.0)

BUNDLED WITH
   1.16.0
