PATH
  remote: .
  specs:
    mongo_cluster (0.0.1)
      activesupport (~> 4.2)
      aws-sdk (~> 2)
      daemons
      mongo
      rufus-scheduler

GEM
  remote: https://rubygems.org/
  specs:
    activesupport (4.2.10)
      i18n (~> 0.7)
      minitest (~> 5.1)
      thread_safe (~> 0.3, >= 0.3.4)
      tzinfo (~> 1.1)
    aws-sdk (2.10.74)
      aws-sdk-resources (= 2.10.74)
    aws-sdk-core (2.10.74)
      aws-sigv4 (~> 1.0)
      jmespath (~> 1.0)
    aws-sdk-resources (2.10.74)
      aws-sdk-core (= 2.10.74)
    aws-sigv4 (1.0.2)
    bson (4.2.2)
    concurrent-ruby (1.0.5)
    daemons (1.2.5)
    diff-lcs (1.3)
    et-orbi (1.0.8)
      tzinfo
    i18n (0.9.0)
      concurrent-ruby (~> 1.0)
    jmespath (1.3.1)
    minitest (5.10.3)
    mongo (2.4.3)
      bson (>= 4.2.1, < 5.0.0)
    rake (10.5.0)
    rspec (3.7.0)
      rspec-core (~> 3.7.0)
      rspec-expectations (~> 3.7.0)
      rspec-mocks (~> 3.7.0)
    rspec-core (3.7.0)
      rspec-support (~> 3.7.0)
    rspec-expectations (3.7.0)
      diff-lcs (>= 1.2.0, < 2.0)
      rspec-support (~> 3.7.0)
    rspec-mocks (3.7.0)
      diff-lcs (>= 1.2.0, < 2.0)
      rspec-support (~> 3.7.0)
    rspec-support (3.7.0)
    rufus-scheduler (3.4.2)
      et-orbi (~> 1.0)
    thread_safe (0.3.6)
    tzinfo (1.2.4)
      thread_safe (~> 0.1)

PLATFORMS
  ruby

DEPENDENCIES
  bundler
  mongo_cluster!
  rake (~> 10.0)
  rspec (~> 3.0)

BUNDLED WITH
   1.15.4
